STORAGE: NONE
RESTRICTION: || (== net8.0) (== netstandard2.1)
NUGET
  remote: https://api.nuget.org/v3/index.json
    Expecto (10.2.1)
      FSharp.Core (>= 7.0.200) - restriction: || (== net8.0) (&& (== netstandard2.1) (>= net6.0))
      Mono.Cecil (>= 0.11.4 < 1.0) - restriction: || (== net8.0) (&& (== netstandard2.1) (>= net6.0))
    Fable.Core (4.3)
    Fable.Mocha (2.17)
      Fable.Core (>= 3.0)
      FSharp.Core (>= 4.7)
    Fable.Package.SDK (0.1)
    Fable.Python (4.6.1)
      Fable.Core (>= 4.2 < 5.0)
      FSharp.Core (>= 4.7.2)
    FSharp.Core (8.0.301)
    Mono.Cecil (0.11.5) - restriction: || (== net8.0) (&& (== netstandard2.1) (>= net6.0))
    Newtonsoft.Json (13.0.3)
    Thoth.Json.Core (0.3)
      Fable.Core (>= 4.1)
      Fable.Package.SDK (>= 0.1)
      FSharp.Core (>= 5.0)
    Thoth.Json.JavaScript (0.2)
      Fable.Core (>= 4.1)
      Fable.Package.SDK (>= 0.1)
      FSharp.Core (>= 5.0)
      Thoth.Json.Core (>= 0.3)
    Thoth.Json.Newtonsoft (0.2)
      Fable.Core (>= 4.1)
      Fable.Package.SDK (>= 0.1)
      FSharp.Core (>= 5.0)
      Newtonsoft.Json (>= 13.0.1)
      Thoth.Json.Core (>= 0.3)
    Thoth.Json.Python (0.3)
      Fable.Core (>= 4.1)
      Fable.Package.SDK (>= 0.1)
      Fable.Python (>= 4.3)
      FSharp.Core (>= 5.0)
      Thoth.Json.Core (>= 0.3)
